GEM
  remote: https://rubygems.org/
  specs:
    msgpack (1.5.3)
    multi_json (1.15.0)
    neovim (0.9.0)
      msgpack (~> 1.1)
      multi_json (~> 1.0)

PLATFORMS
  x86_64-darwin-21

DEPENDENCIES
  neovim

BUNDLED WITH
   2.3.17
